GEM
  remote: https://rubygems.org/
  specs:
    actionmailer (2.3.14)
      actionpack (= 2.3.14)
    actionpack (2.3.14)
      activesupport (= 2.3.14)
      rack (~> 1.1.0)
    activerecord (2.3.14)
      activesupport (= 2.3.14)
    activeresource (2.3.14)
      activesupport (= 2.3.14)
    activesupport (2.3.14)
    acts_as_archive (0.4.1)
      also_migrate (= 0.3.5)
      mover (= 0.3.6)
    after_commit (1.0.10)
      activerecord (>= 1.15.6, < 3.0.0)
    also_migrate (0.3.5)
    bugsnag (2.4.0)
      httparty (>= 0.6, < 1.0)
      multi_json (~> 1.0)
    capistrano (2.15.5)
      highline
      net-scp (>= 1.0.0)
      net-sftp (>= 2.0.0)
      net-ssh (>= 2.0.14)
      net-ssh-gateway (>= 1.1.0)
    carrierwave (0.4.10)
    chronic (0.6.7)
    columnize (0.3.6)
    daemons (1.1.8)
    decoder (0.9.0)
    eventmachine (0.12.10)
    faker (1.0.1)
      i18n (~> 0.4)
    fastercsv (1.5.4)
    geokit (1.8.2)
      multi_json (>= 1.3.2)
    highline (1.6.21)
    httparty (0.11.0)
      multi_json (~> 1.0)
      multi_xml (>= 0.5.2)
    i18n (0.6.0)
    linecache (0.46)
      rbx-require-relative (> 0.0.4)
    miniskirt (1.1.1)
      activesupport (>= 2.2)
    mover (0.3.6)
    multi_json (1.3.4)
    multi_xml (0.5.5)
    mysql2 (0.2.18)
    net-scp (1.0.4)
      net-ssh (>= 1.99.1)
    net-sftp (2.1.2)
      net-ssh (>= 2.6.5)
    net-ssh (2.7.0)
    net-ssh-gateway (1.2.0)
      net-ssh (>= 2.6.5)
    rack (1.1.3)
    rails (2.3.14)
      actionmailer (= 2.3.14)
      actionpack (= 2.3.14)
      activerecord (= 2.3.14)
      activeresource (= 2.3.14)
      activesupport (= 2.3.14)
      rake (>= 0.8.3)
    rake (0.9.2.2)
    rbx-require-relative (0.0.9)
    redis (2.2.2)
    redis-namespace (1.0.3)
      redis (< 3.0.0)
    resque (1.20.0)
      multi_json (~> 1.0)
      redis-namespace (~> 1.0.2)
      sinatra (>= 0.9.2)
      vegas (~> 0.1.2)
    resque-job-stats (0.3.0)
      resque (~> 1.17)
    resque-pool (0.2.0)
      rake
      resque (~> 1.13)
      trollop (~> 1.16)
    resque-retry (1.0.0)
      resque (>= 1.10.0)
      resque-scheduler (>= 1.9.9)
    resque-scheduler (2.0.0)
      redis (>= 2.0.1)
      resque (>= 1.20.0)
      rufus-scheduler
    riddle (1.2.1)
    rmagick (2.13.1)
    ruby-debug (0.10.4)
      columnize (>= 0.1)
      ruby-debug-base (~> 0.10.4.0)
    ruby-debug-base (0.10.4)
      linecache (>= 0.3)
    rufus-scheduler (3.0.9)
      tzinfo
    shoulda (3.0.1)
      shoulda-context (~> 1.0.0)
      shoulda-matchers (~> 1.0.0)
    shoulda-context (1.0.0)
    shoulda-matchers (1.0.0)
    sinatra (1.2.8)
      rack (~> 1.1)
      tilt (>= 1.2.2, < 2.0)
    system_timer (1.2.4)
    test-unit (2.4.8)
    thin (1.3.1)
      daemons (>= 1.0.9)
      eventmachine (>= 0.12.6)
      rack (>= 1.0.0)
    thinking-sphinx (1.3.20)
      activerecord (>= 1.15.6, < 3.0.0)
      after_commit (>= 1.0.6)
      riddle (>= 1.0.10)
    thread_safe (0.3.4)
    tilt (1.3.3)
    trollop (1.16.2)
    ts-datetime-delta (1.0.2)
      thinking-sphinx (>= 1.3.8)
    tzinfo (1.2.2)
      thread_safe (~> 0.1)
    vegas (0.1.11)
      rack (>= 1.0.0)
    whenever (0.5.0)
      chronic (>= 0.2.3)
    will_paginate (2.3.15)
    yajl-ruby (1.1.0)

PLATFORMS
  ruby

DEPENDENCIES
  acts_as_archive
  bugsnag
  capistrano (~> 2.15.5)
  carrierwave (= 0.4.10)
  chronic
  decoder (>= 0.6.5)
  faker
  fastercsv
  geokit
  httparty (= 0.11.0)
  miniskirt
  mysql2 (= 0.2.18)
  net-scp (~> 1.0.4)
  net-ssh (~> 2.7.0)
  net-ssh-gateway (~> 1.2.0)
  rails (= 2.3.14)
  rake (= 0.9.2.2)
  redis
  resque
  resque-job-stats
  resque-pool (~> 0.2.0)
  resque-retry
  resque-scheduler (= 2.0.0)
  riddle (= 1.2.1)
  rmagick
  ruby-debug
  shoulda
  system_timer
  test-unit
  thin
  thinking-sphinx (~> 1.3.20)
  ts-datetime-delta
  whenever (= 0.5.0)
  will_paginate (= 2.3.15)
  yajl-ruby

BUNDLED WITH
   1.10.3
